GEM
  remote: http://rubygems.org/
  specs:
    activesupport (3.0.1)
    daemons (1.1.0)
    eventmachine (0.12.10)
    i18n (0.4.1)
    json (1.4.6)
    mail (2.2.7)
      activesupport (>= 2.3.6)
      mime-types
      treetop (>= 1.4.5)
    mime-types (1.16)
    polyglot (0.3.1)
    rack (1.2.1)
    sinatra (1.0)
      rack (>= 1.0)
    sqlite3-ruby (1.3.1)
    sunshowers (0.2.0)
    thin (1.2.7)
      daemons (>= 1.0.9)
      eventmachine (>= 0.12.6)
      rack (>= 1.0.0)
    treetop (1.4.8)
      polyglot (>= 0.3.1)

PLATFORMS
  ruby

DEPENDENCIES
  eventmachine
  i18n
  json
  mail
  sinatra
  sqlite3-ruby
  sunshowers
  thin
