PATH
  remote: .
  specs:
    mailcatcher (0.5.13)
      activesupport (~> 3.0)
      eventmachine (~> 1.0.0, <= 1.0.3)
      haml (>= 3.1, < 5)
      i18n (<= 0.6.11)
      mail (~> 2.3)
      mime-types (< 2)
      sinatra (~> 1.2)
      skinny (~> 0.2.3)
      sqlite3 (~> 1.3)
      thin (~> 1.5.0)
      tilt (<= 1.4.1)

GEM
  remote: https://rubygems.org/
  specs:
    activesupport (3.2.21)
      i18n (~> 0.6, >= 0.6.4)
      multi_json (~> 1.0)
    chunky_png (1.2.7)
    coffee-script (2.2.0)
      coffee-script-source
      execjs
    coffee-script-source (1.6.1)
    compass (0.12.2)
      chunky_png (~> 1.2)
      fssm (>= 0.2.7)
      sass (~> 3.1)
    daemons (1.2.2)
    eventmachine (1.0.3)
    execjs (1.4.0)
      multi_json (~> 1.0)
    fssm (0.2.10)
    haml (4.0.6)
      tilt
    i18n (0.6.11)
    mail (2.6.3)
      mime-types (>= 1.16, < 3)
    mime-types (1.25.1)
    multi_json (1.6.1)
    rack (1.6.1)
    rack-protection (1.5.3)
      rack
    rake (10.0.3)
    rdoc (4.0.0)
    sass (3.2.7)
    sinatra (1.4.6)
      rack (~> 1.4)
      rack-protection (~> 1.4)
      tilt (>= 1.3, < 3)
    skinny (0.2.3)
      eventmachine (~> 1.0.0)
      thin (~> 1.5.0)
    sqlite3 (1.3.10)
    thin (1.5.1)
      daemons (>= 1.0.9)
      eventmachine (>= 0.12.6)
      rack (>= 1.0.0)
    tilt (1.4.1)

PLATFORMS
  ruby

DEPENDENCIES
  coffee-script
  compass
  mailcatcher!
  rake
  rdoc
  sass
